GIT
  remote: https://github.com/apotonick/torture-server.git
  revision: 1f504cce1ae2180b37cd4323b4099033600686fb
  branch: cms
  specs:
    torture-server (0.1.0)
      kramdown
      minitest-line
      trailblazer-activity-dsl-linear

GIT
  remote: https://github.com/trailblazer/cells.git
  revision: 3e87c147b0595555ef4b1e929da8d18f896bece3
  branch: cells-5
  specs:
    cells (5.0.0.alpha1)
      tilt (~> 2.1.0)

GEM
  remote: https://rubygems.org/
  specs:
    actionpack (7.0.6)
      actionview (= 7.0.6)
      activesupport (= 7.0.6)
      rack (~> 2.0, >= 2.2.4)
      rack-test (>= 0.6.3)
      rails-dom-testing (~> 2.0)
      rails-html-sanitizer (~> 1.0, >= 1.2.0)
    actionview (7.0.6)
      activesupport (= 7.0.6)
      builder (~> 3.1)
      erubi (~> 1.4)
      rails-dom-testing (~> 2.0)
      rails-html-sanitizer (~> 1.1, >= 1.2.0)
    activemodel (7.0.6)
      activesupport (= 7.0.6)
    activesupport (7.0.6)
      concurrent-ruby (~> 1.0, >= 1.0.2)
      i18n (>= 1.6, < 2)
      minitest (>= 5.1)
      tzinfo (~> 2.0)
    addressable (2.8.4)
      public_suffix (>= 2.0.2, < 6.0)
    bindex (0.8.1)
    builder (3.2.4)
    capybara (3.39.2)
      addressable
      matrix
      mini_mime (>= 0.1.3)
      nokogiri (~> 1.8)
      rack (>= 1.6.0)
      rack-test (>= 0.6.3)
      regexp_parser (>= 1.5, < 3.0)
      xpath (~> 3.2)
    concurrent-ruby (1.2.2)
    crass (1.0.6)
    debug (1.8.0)
      irb (>= 1.5.0)
      reline (>= 0.3.1)
    erbse (0.1.4)
      temple
    erubi (1.12.0)
    haml (6.1.1)
      temple (>= 0.8.2)
      thor
      tilt
    hashie (5.0.0)
    i18n (1.14.1)
      concurrent-ruby (~> 1.0)
    importmap-rails (1.2.1)
      actionpack (>= 6.0.0)
      railties (>= 6.0.0)
    io-console (0.6.0)
    irb (1.7.4)
      reline (>= 0.3.6)
    kramdown (2.4.0)
      rexml
    loofah (2.21.3)
      crass (~> 1.0.2)
      nokogiri (>= 1.12.0)
    matrix (0.4.2)
    method_source (1.0.0)
    mini_mime (1.1.2)
    minitest (5.19.0)
    minitest-line (0.6.5)
      minitest (~> 5.0)
    nio4r (2.5.9)
    nokogiri (1.15.3-x86_64-linux)
      racc (~> 1.4)
    public_suffix (5.0.3)
    puma (5.6.6)
      nio4r (~> 2.0)
    racc (1.7.1)
    rack (2.2.8)
    rack-test (2.1.0)
      rack (>= 1.3)
    rails-dom-testing (2.1.1)
      activesupport (>= 5.0.0)
      minitest
      nokogiri (>= 1.6)
    rails-html-sanitizer (1.6.0)
      loofah (~> 2.21)
      nokogiri (~> 1.14)
    railties (7.0.6)
      actionpack (= 7.0.6)
      activesupport (= 7.0.6)
      method_source
      rake (>= 12.2)
      thor (~> 1.0)
      zeitwerk (~> 2.5)
    rake (13.0.6)
    regexp_parser (2.8.1)
    reline (0.3.7)
      io-console (~> 0.5)
    rexml (3.2.6)
    rubyzip (2.3.2)
    selenium-webdriver (4.10.0)
      rexml (~> 3.2, >= 3.2.5)
      rubyzip (>= 1.2.2, < 3.0)
      websocket (~> 1.0)
    sprockets (4.2.0)
      concurrent-ruby (~> 1.0)
      rack (>= 2.2.4, < 4)
    sprockets-rails (3.4.2)
      actionpack (>= 5.2)
      activesupport (>= 5.2)
      sprockets (>= 3.0.0)
    tailwindcss-rails (2.0.30-x86_64-linux)
      railties (>= 6.0.0)
    temple (0.10.2)
    thor (1.2.2)
    tilt (2.1.0)
    torture (0.0.2)
    trailblazer-activity (0.16.1)
      trailblazer-context (~> 0.5.0)
      trailblazer-option (~> 0.1.0)
    trailblazer-activity-dsl-linear (1.2.4)
      trailblazer-activity (>= 0.16.0, < 0.17.0)
      trailblazer-declarative (>= 0.0.1, < 0.1.0)
    trailblazer-context (0.5.1)
      hashie (>= 3.0.0)
    trailblazer-declarative (0.0.2)
    trailblazer-option (0.1.2)
    tzinfo (2.0.6)
      concurrent-ruby (~> 1.0)
    web-console (4.2.0)
      actionview (>= 6.0.0)
      activemodel (>= 6.0.0)
      bindex (>= 0.4.0)
      railties (>= 6.0.0)
    webdrivers (5.3.1)
      nokogiri (~> 1.6)
      rubyzip (>= 1.3.0)
      selenium-webdriver (~> 4.0, < 4.11)
    websocket (1.2.9)
    xpath (3.2.0)
      nokogiri (~> 1.8)
    zeitwerk (2.6.10)

PLATFORMS
  x86_64-linux

DEPENDENCIES
  actionpack
  actionview
  capybara
  cells!
  debug
  erbse
  haml
  importmap-rails
  puma (~> 5.0)
  railties
  selenium-webdriver
  sprockets-rails
  tailwindcss-rails
  torture
  torture-server!
  tzinfo-data
  web-console
  webdrivers

RUBY VERSION
   ruby 3.2.2p53

BUNDLED WITH
   2.4.10
